GEM
  remote: https://rubygems.org/
  specs:
    activesupport (4.1.2)
      i18n (~> 0.6, >= 0.6.9)
      json (~> 1.7, >= 1.7.7)
      minitest (~> 5.1)
      thread_safe (~> 0.1)
      tzinfo (~> 1.1)
    builder (3.2.2)
    celluloid (0.15.2)
      timers (~> 1.1.0)
    coderay (1.1.0)
    diff-lcs (1.2.5)
    dotenv (0.7.0)
    em-websocket (0.5.1)
      eventmachine (>= 0.12.9)
      http_parser.rb (~> 0.6.0)
    eventmachine (1.0.3)
    ffi (1.9.3)
    foreman (0.64.0)
      dotenv (~> 0.7.0)
      thor (>= 0.13.6)
    formatador (0.2.5)
    guard (2.6.1)
      formatador (>= 0.2.4)
      listen (~> 2.7)
      lumberjack (~> 1.0)
      pry (>= 0.9.12)
      thor (>= 0.18.1)
    guard-livereload (2.3.0)
      em-websocket (~> 0.5)
      guard (~> 2.0)
      multi_json (~> 1.8)
    http_parser.rb (0.6.0)
    http_router (0.11.1)
      rack (>= 1.0.0)
      url_mount (~> 0.2.1)
    i18n (0.6.9)
    json (1.8.1)
    listen (2.7.9)
      celluloid (>= 0.15.2)
      rb-fsevent (>= 0.9.3)
      rb-inotify (>= 0.9)
    lumberjack (1.0.9)
    mail (2.5.4)
      mime-types (~> 1.16)
      treetop (~> 1.4.8)
    method_source (0.8.2)
    mime-types (1.25.1)
    minitest (5.3.5)
    moneta (0.7.20)
    multi_json (1.10.1)
    padrino (0.12.2)
      padrino-admin (= 0.12.2)
      padrino-cache (= 0.12.2)
      padrino-core (= 0.12.2)
      padrino-gen (= 0.12.2)
      padrino-helpers (= 0.12.2)
      padrino-mailer (= 0.12.2)
      padrino-support (= 0.12.2)
    padrino-admin (0.12.2)
      padrino-core (= 0.12.2)
      padrino-helpers (= 0.12.2)
    padrino-cache (0.12.2)
      moneta (~> 0.7.0)
      padrino-core (= 0.12.2)
      padrino-helpers (= 0.12.2)
    padrino-core (0.12.2)
      activesupport (>= 3.1)
      http_router (~> 0.11.0)
      padrino-support (= 0.12.2)
      rack-protection (>= 1.5.0)
      sinatra (~> 1.4.2)
      thor (~> 0.18.0)
    padrino-gen (0.12.2)
      bundler (~> 1.0)
      padrino-core (= 0.12.2)
    padrino-helpers (0.12.2)
      i18n (~> 0.6, >= 0.6.7)
      padrino-support (= 0.12.2)
      tilt (~> 1.4.1)
    padrino-mailer (0.12.2)
      mail (~> 2.5.3)
      padrino-core (= 0.12.2)
    padrino-support (0.12.2)
      activesupport (>= 3.1)
    polyglot (0.3.5)
    pry (0.10.0)
      coderay (~> 1.1.0)
      method_source (~> 0.8.1)
      slop (~> 3.4)
    rack (1.5.2)
    rack-livereload (0.3.15)
      rack
    rack-protection (1.5.3)
      rack
    rake (10.3.2)
    rb-fsevent (0.9.4)
    rb-inotify (0.9.5)
      ffi (>= 0.5.0)
    redcarpet (3.1.2)
    rspec (2.14.1)
      rspec-core (~> 2.14.0)
      rspec-expectations (~> 2.14.0)
      rspec-mocks (~> 2.14.0)
    rspec-core (2.14.8)
    rspec-expectations (2.14.5)
      diff-lcs (>= 1.1.3, < 2.0)
    rspec-mocks (2.14.6)
    sass (3.3.9)
    sinatra (1.4.5)
      rack (~> 1.4)
      rack-protection (~> 1.4)
      tilt (~> 1.3, >= 1.3.4)
    sitespec (0.0.5)
      rspec (~> 2.14.1)
    slim (2.0.2)
      temple (~> 0.6.6)
      tilt (>= 1.3.3, < 2.1)
    slop (3.5.0)
    temple (0.6.7)
    thor (0.18.1)
    thread_safe (0.3.4)
    tilt (1.4.1)
    timers (1.1.0)
    treetop (1.4.15)
      polyglot
      polyglot (>= 0.3.1)
    tzinfo (1.2.1)
      thread_safe (~> 0.1)
    url_mount (0.2.1)
      rack

PLATFORMS
  ruby

DEPENDENCIES
  builder
  foreman
  guard-livereload
  padrino
  pry
  rack-livereload
  rake
  redcarpet
  sass
  sitespec
  slim
